GIT
  remote: https://github.com/janbiedermann/hyper-component.git
  revision: 60d2525454e3fd76594248338903f0dd4ddafa33
  branch: pinata
  specs:
    hyper-component (1.0.0.lap28)
      actionview (>= 4.0.0)
      hyper-react (= 1.0.0.lap28)
      hyperloop-config (= 1.0.0.lap28)
      react-rails (>= 2.4.0, < 2.5.0)

GIT
  remote: https://github.com/janbiedermann/hyper-mesh.git
  revision: 7e5cfb908a0cba6fe776ee3ed4e392c3fb804aeb
  branch: pinata
  specs:
    hyper-mesh (1.0.0.lap28)
      activerecord (>= 4.0.0)
      hyper-component (= 1.0.0.lap28)
      hyper-operation (= 1.0.0.lap28)

GIT
  remote: https://github.com/janbiedermann/hyper-model.git
  revision: b1d1f96022aaa6084f7413dc201999fe5fabf817
  branch: pinata
  specs:
    hyper-model (1.0.0.lap28)
      hyper-mesh (= 1.0.0.lap28)

GIT
  remote: https://github.com/janbiedermann/hyper-operation.git
  revision: e84d5b3e9f62e2d8891c11345f53257553eb4dd2
  branch: pinata
  specs:
    hyper-operation (1.0.0.lap28)
      activerecord (>= 4.0.0)
      hyper-component (= 1.0.0.lap28)
      hyperloop-config (= 1.0.0.lap28)
      mutations
      opal-activesupport (~> 0.3.1)

GIT
  remote: https://github.com/janbiedermann/hyper-react.git
  revision: 5883fc0ccc706a2c328c430115ef4f29b9e103a4
  branch: pinata
  specs:
    hyper-react (1.0.0.lap28)
      hyper-store (= 1.0.0.lap28)
      hyperloop-config (= 1.0.0.lap28)
      mini_racer (~> 0.1.15)
      opal (>= 0.11.0, < 0.12.0)
      opal-activesupport (~> 0.3.1)
      react-rails (>= 2.4.0, < 2.5.0)

GIT
  remote: https://github.com/janbiedermann/hyper-router.git
  revision: 43bc9d582bc84236ab51f692a868b3b4306db3f1
  branch: pinata
  specs:
    hyper-router (4.2.6.lap28)
      hyper-component (= 1.0.0.lap28)
      hyper-react (= 1.0.0.lap28)
      opal-browser (~> 0.2.0)
      react-rails (>= 2.4.0, < 2.5.0)

GIT
  remote: https://github.com/janbiedermann/hyper-store.git
  revision: 62491dc100c73544ed6146b081a1e7f832e917f6
  branch: pinata
  specs:
    hyper-store (1.0.0.lap28)
      hyperloop-config (= 1.0.0.lap28)
      opal (>= 0.11.0, < 0.12.0)

GIT
  remote: https://github.com/janbiedermann/hyperloop-config.git
  revision: 4886523adb3812a90f9edae98f87c5074f33247a
  branch: pinata
  specs:
    hyperloop-config (1.0.0.lap28)
      opal (>= 0.11.0, < 0.12.0)
      opal-browser (~> 0.2.0)
      uglifier

GIT
  remote: https://github.com/janbiedermann/hyperloop.git
  revision: c01eabc8a746e9b46d8c8dc4fdefdbfde5e0f5ba
  branch: pinata
  specs:
    hyperloop (1.0.0.lap28)
      hyperloop-config (= 1.0.0.lap28)
      mini_racer (~> 0.1.15)
      opal-browser (~> 0.2.0)
      rails (>= 4.0.0)
      react-rails (>= 2.4.0, < 2.5.0)

GIT
  remote: https://github.com/janbiedermann/opal.git
  revision: 4abc31d211ab4021ef7d811325709b2e04ee9a90
  branch: es6_import_export
  specs:
    opal (0.11.1.dev)
      ast (>= 2.3.0)
      hike (~> 1.2)
      parser (= 2.5.1.0)
      sourcemap (~> 0.1.0)

GEM
  remote: https://rubygems.org/
  specs:
    actioncable (5.1.6)
      actionpack (= 5.1.6)
      nio4r (~> 2.0)
      websocket-driver (~> 0.6.1)
    actionmailer (5.1.6)
      actionpack (= 5.1.6)
      actionview (= 5.1.6)
      activejob (= 5.1.6)
      mail (~> 2.5, >= 2.5.4)
      rails-dom-testing (~> 2.0)
    actionpack (5.1.6)
      actionview (= 5.1.6)
      activesupport (= 5.1.6)
      rack (~> 2.0)
      rack-test (>= 0.6.3)
      rails-dom-testing (~> 2.0)
      rails-html-sanitizer (~> 1.0, >= 1.0.2)
    actionview (5.1.6)
      activesupport (= 5.1.6)
      builder (~> 3.1)
      erubi (~> 1.4)
      rails-dom-testing (~> 2.0)
      rails-html-sanitizer (~> 1.0, >= 1.0.3)
    activejob (5.1.6)
      activesupport (= 5.1.6)
      globalid (>= 0.3.6)
    activemodel (5.1.6)
      activesupport (= 5.1.6)
    activerecord (5.1.6)
      activemodel (= 5.1.6)
      activesupport (= 5.1.6)
      arel (~> 8.0)
    activesupport (5.1.6)
      concurrent-ruby (~> 1.0, >= 1.0.2)
      i18n (>= 0.7, < 2)
      minitest (~> 5.1)
      tzinfo (~> 1.1)
    addressable (2.5.2)
      public_suffix (>= 2.0.2, < 4.0)
    archive-zip (0.11.0)
      io-like (~> 0.3.0)
    arel (8.0.0)
    ast (2.4.0)
    babel-source (5.8.35)
    babel-transpiler (0.7.0)
      babel-source (>= 4.0, < 6)
      execjs (~> 2.0)
    bcrypt (3.1.12)
    bindex (0.5.0)
    bootsnap (1.3.0)
      msgpack (~> 1.0)
    builder (3.2.3)
    byebug (10.0.2)
    c_lexer (2.5.1.0.pre2)
      ast (~> 2.4.0)
      parser (= 2.5.1.0)
    capybara (3.2.1)
      addressable
      mini_mime (>= 0.1.3)
      nokogiri (~> 1.8)
      rack (>= 1.6.0)
      rack-test (>= 0.6.3)
      xpath (~> 3.1)
    childprocess (0.9.0)
      ffi (~> 1.0, >= 1.0.11)
    chromedriver-helper (1.2.0)
      archive-zip (~> 0.10)
      nokogiri (~> 1.8)
    concurrent-ruby (1.0.5)
    config (1.7.0)
      activesupport (>= 3.0)
      deep_merge (~> 1.2.1)
      dry-validation (>= 0.10.4)
    connection_pool (2.2.2)
    crass (1.0.4)
    deep_merge (1.2.1)
    devise (4.4.3)
      bcrypt (~> 3.0)
      orm_adapter (~> 0.1)
      railties (>= 4.1.0, < 6.0)
      responders
      warden (~> 1.2.3)
    dry-configurable (0.7.0)
      concurrent-ruby (~> 1.0)
    dry-container (0.6.0)
      concurrent-ruby (~> 1.0)
      dry-configurable (~> 0.1, >= 0.1.3)
    dry-core (0.4.6)
      concurrent-ruby (~> 1.0)
    dry-equalizer (0.2.1)
    dry-inflector (0.1.2)
    dry-logic (0.4.2)
      dry-container (~> 0.2, >= 0.2.6)
      dry-core (~> 0.2)
      dry-equalizer (~> 0.2)
    dry-types (0.13.2)
      concurrent-ruby (~> 1.0)
      dry-container (~> 0.3)
      dry-core (~> 0.4, >= 0.4.4)
      dry-equalizer (~> 0.2)
      dry-inflector (~> 0.1, >= 0.1.2)
      dry-logic (~> 0.4, >= 0.4.2)
    dry-validation (0.12.0)
      concurrent-ruby (~> 1.0)
      dry-configurable (~> 0.1, >= 0.1.3)
      dry-core (~> 0.2, >= 0.2.1)
      dry-equalizer (~> 0.2)
      dry-logic (~> 0.4, >= 0.4.0)
      dry-types (~> 0.13.1)
    erubi (1.7.1)
    eventmachine (1.2.7)
    execjs (2.7.0)
    ffi (1.9.25)
    globalid (0.4.1)
      activesupport (>= 4.2.0)
    hike (1.2.3)
    i18n (1.0.1)
      concurrent-ruby (~> 1.0)
    io-like (0.3.0)
    jbuilder (2.7.0)
      activesupport (>= 4.2.0)
      multi_json (>= 1.2)
    libv8 (6.3.292.48.1)
    listen (3.1.5)
      rb-fsevent (~> 0.9, >= 0.9.4)
      rb-inotify (~> 0.9, >= 0.9.7)
      ruby_dep (~> 1.2)
    loofah (2.2.2)
      crass (~> 1.0.2)
      nokogiri (>= 1.5.9)
    mail (2.7.0)
      mini_mime (>= 0.1.1)
    method_source (0.9.0)
    mini_mime (1.0.0)
    mini_portile2 (2.3.0)
    mini_racer (0.1.15)
      libv8 (~> 6.3)
    minitest (5.11.3)
    msgpack (1.2.4)
    multi_json (1.13.1)
    mutations (0.8.2)
      activesupport
    nio4r (2.3.1)
    nokogiri (1.8.3)
      mini_portile2 (~> 2.3.0)
    oj (3.6.2)
    opal-activesupport (0.3.1)
      opal (>= 0.5.0, < 1.0.0)
    opal-browser (0.2.0)
      opal
      paggio
    opal-webpack-compile-server (0.1.7)
      eventmachine (~> 1.2.7)
      oj (~> 3.6.0)
      opal (>= 0.11.0)
    orm_adapter (0.5.0)
    paggio (0.2.6)
    parser (2.5.1.0)
      ast (~> 2.4.0)
    public_suffix (3.0.2)
    puma (3.11.4)
    rack (2.0.5)
    rack-test (1.0.0)
      rack (>= 1.0, < 3)
    rails (5.1.6)
      actioncable (= 5.1.6)
      actionmailer (= 5.1.6)
      actionpack (= 5.1.6)
      actionview (= 5.1.6)
      activejob (= 5.1.6)
      activemodel (= 5.1.6)
      activerecord (= 5.1.6)
      activesupport (= 5.1.6)
      bundler (>= 1.3.0)
      railties (= 5.1.6)
      sprockets-rails (>= 2.0.0)
    rails-dom-testing (2.0.3)
      activesupport (>= 4.2.0)
      nokogiri (>= 1.6)
    rails-html-sanitizer (1.0.4)
      loofah (~> 2.2, >= 2.2.2)
    railties (5.1.6)
      actionpack (= 5.1.6)
      activesupport (= 5.1.6)
      method_source
      rake (>= 0.8.7)
      thor (>= 0.18.1, < 2.0)
    rake (12.3.1)
    rb-fsevent (0.10.3)
    rb-inotify (0.9.10)
      ffi (>= 0.5.0, < 2)
    react-rails (2.4.4)
      babel-transpiler (>= 0.7.0)
      connection_pool
      execjs
      railties (>= 3.2)
      tilt
    responders (2.4.0)
      actionpack (>= 4.2.0, < 5.3)
      railties (>= 4.2.0, < 5.3)
    ruby_dep (1.5.0)
    rubyzip (1.2.1)
    selenium-webdriver (3.12.0)
      childprocess (~> 0.5)
      rubyzip (~> 1.2)
    sourcemap (0.1.1)
    sprockets (3.7.2)
      concurrent-ruby (~> 1.0)
      rack (> 1, < 3)
    sprockets-rails (3.2.1)
      actionpack (>= 4.0)
      activesupport (>= 4.0)
      sprockets (>= 3.0.0)
    sqlite3 (1.3.13)
    thor (0.20.0)
    thread_safe (0.3.6)
    tilt (2.0.8)
    tzinfo (1.2.5)
      thread_safe (~> 0.1)
    uglifier (4.1.12)
      execjs (>= 0.3.0, < 3)
    warden (1.2.7)
      rack (>= 1.0)
    web-console (3.6.2)
      actionview (>= 5.0)
      activemodel (>= 5.0)
      bindex (>= 0.4.0)
      railties (>= 5.0)
    websocket-driver (0.6.5)
      websocket-extensions (>= 0.1.0)
    websocket-extensions (0.1.3)
    xpath (3.1.0)
      nokogiri (~> 1.8)

PLATFORMS
  ruby

DEPENDENCIES
  bootsnap (>= 1.1.0)
  byebug
  c_lexer
  capybara (>= 2.15, < 4.0)
  chromedriver-helper
  config
  devise
  hyper-component!
  hyper-mesh!
  hyper-model!
  hyper-operation!
  hyper-react!
  hyper-router!
  hyper-store!
  hyperloop!
  hyperloop-config!
  jbuilder (>= 2.5)
  listen (>= 3.0.5, < 3.2)
  opal!
  opal-webpack-compile-server (= 0.1.7)
  puma (>= 3.11)
  rails (~> 5.1.6)
  selenium-webdriver
  sqlite3
  tzinfo-data
  web-console (>= 3.3.0)

RUBY VERSION
   ruby 2.5.1p57

BUNDLED WITH
   1.16.2
